RESTRICTION: >= net45
NUGET
  remote: https://www.nuget.org/api/v2
    Argu (3.7)
    BenchmarkDotNet (0.10.9)
      BenchmarkDotNet.Core (>= 0.10.9) - restriction: || (&& (>= net45) (>= netcore1.1)) (>= net46)
      BenchmarkDotNet.Toolchains.Roslyn (>= 0.10.9) - restriction: >= net46
    BenchmarkDotNet.Core (0.10.9) - restriction: || (&& (>= net45) (>= netcore1.1)) (>= net46)
      Microsoft.DotNet.InternalAbstractions (>= 1.0) - restriction: || (&& (>= net45) (>= netcore1.1)) (>= net46)
      Microsoft.DotNet.PlatformAbstractions (>= 1.1.1) - restriction: || (&& (>= net45) (>= netcore1.1)) (>= net46)
      Microsoft.Win32.Registry (>= 4.3) - restriction: || (&& (>= net45) (>= netcore1.1)) (>= net46)
      System.Threading.Tasks.Extensions (>= 4.3) - restriction: >= net46
      System.ValueTuple (>= 4.3) - restriction: || (&& (>= net45) (>= netcore1.1)) (>= net46)
    BenchmarkDotNet.Toolchains.Roslyn (0.10.9) - restriction: >= net46
      BenchmarkDotNet.Core (>= 0.10.9) - restriction: >= net46
      Microsoft.CodeAnalysis.CSharp (>= 2.0) - restriction: >= net46
      System.Threading.Tasks (>= 4.3) - restriction: >= net46
    Expecto (5.0)
      Argu (>= 3.7)
      FSharp.Core (>= 4.1.12)
      Mono.Cecil (>= 0.10.0-beta5)
    Expecto.BenchmarkDotNet (5.0)
      BenchmarkDotNet (>= 0.10.5)
      Expecto (>= 5.0)
      FSharp.Core (>= 4.1.12)
    Expecto.FsCheck (5.0)
      Expecto (>= 5.0)
      FsCheck (>= 2.8)
      FSharp.Core (>= 4.1.12)
    FAKE (4.63)
    FsCheck (2.9)
      FSharp.Core (>= 4.1)
    FSharp.Core (4.2.3)
    Microsoft.CodeAnalysis.Analyzers (1.1) - restriction: >= net46
    Microsoft.CodeAnalysis.Common (2.3.1) - restriction: >= net46
      Microsoft.CodeAnalysis.Analyzers (>= 1.1) - restriction: && (>= net45) (>= netstandard1.3)
      System.AppContext (>= 4.3) - restriction: && (>= net45) (>= netstandard1.3)
      System.Collections (>= 4.3) - restriction: && (>= net45) (>= netstandard1.3)
      System.Collections.Concurrent (>= 4.3) - restriction: && (>= net45) (>= netstandard1.3)
      System.Collections.Immutable (>= 1.3.1) - restriction: && (>= net45) (>= netstandard1.3)
      System.Console (>= 4.3) - restriction: && (>= net45) (>= netstandard1.3)
      System.Diagnostics.Debug (>= 4.3) - restriction: && (>= net45) (>= netstandard1.3)
      System.Diagnostics.FileVersionInfo (>= 4.3) - restriction: && (>= net45) (>= netstandard1.3)
      System.Diagnostics.StackTrace (>= 4.3) - restriction: && (>= net45) (>= netstandard1.3)
      System.Diagnostics.Tools (>= 4.3) - restriction: && (>= net45) (>= netstandard1.3)
      System.Dynamic.Runtime (>= 4.3) - restriction: && (>= net45) (>= netstandard1.3)
      System.Globalization (>= 4.3) - restriction: && (>= net45) (>= netstandard1.3)
      System.IO.Compression (>= 4.3) - restriction: && (>= net45) (>= netstandard1.3)
      System.IO.FileSystem (>= 4.3) - restriction: && (>= net45) (>= netstandard1.3)
      System.IO.FileSystem.Primitives (>= 4.3) - restriction: && (>= net45) (>= netstandard1.3)
      System.Linq (>= 4.3) - restriction: && (>= net45) (>= netstandard1.3)
      System.Linq.Expressions (>= 4.3) - restriction: && (>= net45) (>= netstandard1.3)
      System.Reflection (>= 4.3) - restriction: && (>= net45) (>= netstandard1.3)
      System.Reflection.Metadata (>= 1.4.2) - restriction: && (>= net45) (>= netstandard1.3)
      System.Resources.ResourceManager (>= 4.3) - restriction: && (>= net45) (>= netstandard1.3)
      System.Runtime (>= 4.3) - restriction: && (>= net45) (>= netstandard1.3)
      System.Runtime.Extensions (>= 4.3) - restriction: && (>= net45) (>= netstandard1.3)
      System.Runtime.InteropServices (>= 4.3) - restriction: && (>= net45) (>= netstandard1.3)
      System.Runtime.Numerics (>= 4.3) - restriction: && (>= net45) (>= netstandard1.3)
      System.Security.Cryptography.Algorithms (>= 4.3) - restriction: && (>= net45) (>= netstandard1.3)
      System.Security.Cryptography.Encoding (>= 4.3) - restriction: && (>= net45) (>= netstandard1.3)
      System.Security.Cryptography.X509Certificates (>= 4.3) - restriction: && (>= net45) (>= netstandard1.3)
      System.Text.Encoding (>= 4.3) - restriction: && (>= net45) (>= netstandard1.3)
      System.Text.Encoding.CodePages (>= 4.3) - restriction: && (>= net45) (>= netstandard1.3)
      System.Text.Encoding.Extensions (>= 4.3) - restriction: && (>= net45) (>= netstandard1.3)
      System.Threading (>= 4.3) - restriction: && (>= net45) (>= netstandard1.3)
      System.Threading.Tasks (>= 4.3) - restriction: && (>= net45) (>= netstandard1.3)
      System.Threading.Tasks.Parallel (>= 4.3) - restriction: && (>= net45) (>= netstandard1.3)
      System.Threading.Thread (>= 4.3) - restriction: && (>= net45) (>= netstandard1.3)
      System.ValueTuple (>= 4.3) - restriction: && (>= net45) (>= netstandard1.3)
      System.Xml.ReaderWriter (>= 4.3) - restriction: && (>= net45) (>= netstandard1.3)
      System.Xml.XDocument (>= 4.3) - restriction: && (>= net45) (>= netstandard1.3)
      System.Xml.XmlDocument (>= 4.3) - restriction: && (>= net45) (>= netstandard1.3)
      System.Xml.XPath.XDocument (>= 4.3) - restriction: && (>= net45) (>= netstandard1.3)
    Microsoft.CodeAnalysis.CSharp (2.3.1) - restriction: >= net46
      Microsoft.CodeAnalysis.Common (2.3.1)
    Microsoft.DotNet.InternalAbstractions (1.0) - restriction: || (&& (>= net45) (>= netcore1.1)) (>= net46)
    Microsoft.DotNet.PlatformAbstractions (2.0) - restriction: || (&& (>= net45) (>= netcore1.1)) (>= net46)
    Microsoft.NETCore.Platforms (2.0) - restriction: || (&& (>= net45) (>= netcore1.1)) (&& (< net45) (>= net46) (>= netstandard1.4) (< netstandard1.5)) (&& (< net45) (>= net46) (>= netstandard1.5)) (&& (>= net451) (< netstandard1.3) (>= netcore1.1)) (&& (>= net46) (>= uap100)) (&& (>= net46) (< netstandard1.0)) (&& (>= net46) (< netstandard1.3)) (&& (>= net46) (< netstandard1.4)) (&& (>= net46) (>= netstandard1.6)) (&& (>= net46) (< portable-net45+win8+wpa81)) (&& (>= net46) (< portable-net451+win81+wpa81)) (>= net461)
    Microsoft.Win32.Primitives (4.3) - restriction: || (&& (>= net45) (>= netcore1.1)) (&& (< net45) (>= net46) (>= netstandard1.4) (< netstandard1.5)) (&& (< net45) (>= net46) (>= netstandard1.5)) (&& (>= net46) (>= uap100)) (&& (>= net46) (< netstandard1.4)) (&& (>= net46) (>= netstandard1.6))
    Microsoft.Win32.Registry (4.4) - restriction: || (&& (>= net45) (>= netcore1.1)) (>= net46)
      System.Security.AccessControl (>= 4.4) - restriction: || (&& (>= net45) (< netstandard1.3) (>= monoandroid)) (&& (>= net45) (>= netstandard2.0)) (&& (>= net45) (>= monotouch)) (&& (>= net45) (>= xamarintvos)) (&& (>= net45) (>= xamarinwatchos)) (&& (>= net45) (>= xamarinios)) (&& (>= net45) (>= xamarinmac)) (>= net461)
      System.Security.Principal.Windows (>= 4.4) - restriction: || (&& (>= net45) (< netstandard1.3) (>= monoandroid)) (&& (>= net45) (>= netstandard2.0)) (&& (>= net45) (>= monotouch)) (&& (>= net45) (>= xamarintvos)) (&& (>= net45) (>= xamarinwatchos)) (&& (>= net45) (>= xamarinios)) (&& (>= net45) (>= xamarinmac)) (>= net461)
    Mono.Cecil (0.10.0-beta6)
    NETStandard.Library (2.0) - restriction: || (&& (>= net45) (>= netcore1.1)) (>= net46)
      Microsoft.NETCore.Platforms (>= 1.1)
      Microsoft.Win32.Primitives (>= 4.3) - restriction: || (&& (>= net45) (>= uap100)) (&& (>= net45) (>= netstandard1.6)) (&& (>= net46) (< netstandard1.4))
      System.AppContext (>= 4.3) - restriction: || (&& (>= net45) (>= uap100)) (&& (>= net45) (>= netstandard1.6)) (&& (>= net46) (< netstandard1.4))
      System.Console (>= 4.3) - restriction: || (&& (>= net45) (>= uap100)) (&& (>= net45) (>= netstandard1.6)) (&& (>= net46) (< netstandard1.4))
      System.Globalization.Calendars (>= 4.3) - restriction: || (&& (>= net45) (>= uap100)) (&& (>= net45) (>= netstandard1.6)) (&& (>= net46) (< netstandard1.4))
      System.IO.Compression (>= 4.3) - restriction: || (&& (>= net45) (>= uap100)) (&& (>= net45) (>= netstandard1.6)) (&& (>= net46) (< netstandard1.4))
      System.IO.Compression.ZipFile (>= 4.3) - restriction: || (&& (>= net45) (>= uap100)) (&& (>= net45) (>= netstandard1.6)) (&& (>= net46) (< netstandard1.4))
      System.IO.FileSystem (>= 4.3) - restriction: || (&& (>= net45) (>= uap100)) (&& (>= net45) (>= netstandard1.6)) (&& (>= net46) (< netstandard1.4))
      System.IO.FileSystem.Primitives (>= 4.3) - restriction: || (&& (>= net45) (>= uap100)) (&& (>= net45) (>= netstandard1.6)) (&& (>= net46) (< netstandard1.4))
      System.Net.Http (>= 4.3.2) - restriction: || (&& (>= net45) (>= uap100)) (&& (>= net45) (>= netstandard1.6)) (&& (>= net46) (< netstandard1.4))
      System.Net.Sockets (>= 4.3) - restriction: || (&& (>= net45) (>= uap100)) (&& (>= net45) (>= netstandard1.6)) (&& (>= net46) (< netstandard1.4))
      System.Runtime.InteropServices.RuntimeInformation (>= 4.3) - restriction: || (&& (>= net45) (>= uap100)) (&& (>= net45) (< netstandard1.0) (>= portable-net451+win81+wpa81)) (&& (>= net45) (< netstandard1.0) (< portable-net451+win81+wpa81)) (&& (>= net45) (< netstandard1.3) (>= wpa81)) (&& (>= net45) (>= netstandard1.6)) (&& (>= net45) (< portable-net451+win81+wpa81)) (&& (>= net451) (< netstandard1.3)) (&& (>= net46) (< netstandard1.4))
      System.Security.Cryptography.Algorithms (>= 4.3) - restriction: || (&& (>= net45) (>= uap100)) (&& (>= net45) (>= netstandard1.6)) (&& (>= net46) (< netstandard1.4))
      System.Security.Cryptography.Encoding (>= 4.3) - restriction: || (&& (>= net45) (>= uap100)) (&& (>= net45) (>= netstandard1.6)) (&& (>= net46) (< netstandard1.4))
      System.Security.Cryptography.Primitives (>= 4.3) - restriction: || (&& (>= net45) (>= uap100)) (&& (>= net45) (>= netstandard1.6)) (&& (>= net46) (< netstandard1.4))
      System.Security.Cryptography.X509Certificates (>= 4.3) - restriction: || (&& (>= net45) (>= uap100)) (&& (>= net45) (>= netstandard1.6)) (&& (>= net46) (< netstandard1.4))
      System.Xml.ReaderWriter (>= 4.3) - restriction: || (&& (>= net45) (>= uap100)) (&& (>= net45) (>= netstandard1.6)) (&& (>= net45) (< portable-net45+win8+wpa81)) (&& (>= net46) (< netstandard1.4))
    System.AppContext (4.3) - restriction: || (&& (>= net45) (>= netcore1.1)) (>= net46)
    System.Collections (4.3) - restriction: >= net46
    System.Collections.Concurrent (4.3) - restriction: >= net46
    System.Collections.Immutable (1.4) - restriction: >= net46
      NETStandard.Library (>= 1.6.1)
    System.Console (4.3) - restriction: || (&& (>= net45) (>= netcore1.1)) (>= net46)
    System.Diagnostics.Debug (4.3) - restriction: >= net46
    System.Diagnostics.FileVersionInfo (4.3) - restriction: >= net46
    System.Diagnostics.StackTrace (4.3) - restriction: >= net46
    System.Diagnostics.Tools (4.3) - restriction: >= net46
    System.Dynamic.Runtime (4.3) - restriction: >= net46
    System.Globalization (4.3) - restriction: >= net46
    System.Globalization.Calendars (4.3) - restriction: || (&& (>= net45) (>= netcore1.1)) (&& (< net45) (>= net46) (>= netstandard1.4) (< netstandard1.5)) (&& (< net45) (>= net46) (>= netstandard1.5)) (&& (>= net46) (>= uap100)) (&& (>= net46) (< netstandard1.4)) (&& (>= net46) (>= netstandard1.6))
    System.IO (4.3) - restriction: || (&& (>= net46) (>= dnxcore50)) (&& (>= net46) (>= netstandard1.6)) (>= net463)
    System.IO.Compression (4.3) - restriction: || (&& (>= net45) (>= netcore1.1)) (>= net46)
    System.IO.Compression.ZipFile (4.3) - restriction: || (&& (>= net45) (>= netcore1.1)) (&& (< net45) (>= net46) (>= netstandard1.4) (< netstandard1.5)) (&& (< net45) (>= net46) (>= netstandard1.5)) (&& (>= net46) (>= uap100)) (&& (>= net46) (< netstandard1.4)) (&& (>= net46) (>= netstandard1.6))
    System.IO.FileSystem (4.3) - restriction: || (&& (>= net45) (>= netcore1.1)) (>= net46)
      System.IO.FileSystem.Primitives (>= 4.3) - restriction: || (&& (>= net45) (>= netstandard1.3)) (>= net46)
    System.IO.FileSystem.Primitives (4.3) - restriction: || (&& (>= net45) (>= netcore1.1)) (>= net46)
    System.Linq (4.3) - restriction: >= net46
    System.Linq.Expressions (4.3) - restriction: >= net46
    System.Net.Http (4.3.2) - restriction: || (&& (>= net45) (>= netcore1.1)) (&& (< net45) (>= net46) (< netstandard1.3)) (&& (< net45) (>= net46) (>= netstandard1.4) (< netstandard1.5)) (&& (< net45) (>= net46) (>= netstandard1.5)) (&& (< net45) (>= net46) (< portable-net451+win81+wpa81)) (&& (>= net46) (>= uap100)) (&& (>= net46) (< netstandard1.4)) (&& (>= net46) (>= netstandard1.6))
      System.Security.Cryptography.X509Certificates (>= 4.3) - restriction: || (&& (>= net45) (>= dnxcore50)) (&& (>= net45) (>= netstandard1.6)) (>= net46)
    System.Net.Sockets (4.3) - restriction: || (&& (>= net45) (>= netcore1.1)) (&& (< net45) (>= net46) (>= netstandard1.4) (< netstandard1.5)) (&& (< net45) (>= net46) (>= netstandard1.5)) (&& (>= net46) (>= uap100)) (&& (>= net46) (< netstandard1.4)) (&& (>= net46) (>= netstandard1.6))
    System.Reflection (4.3) - restriction: >= net46
    System.Reflection.Metadata (1.5) - restriction: >= net46
      NETStandard.Library (>= 1.6.1)
      System.Collections.Immutable (>= 1.4)
    System.Resources.ResourceManager (4.3) - restriction: >= net46
    System.Runtime (4.3) - restriction: >= net46
    System.Runtime.Extensions (4.3) - restriction: >= net46
    System.Runtime.InteropServices (4.3) - restriction: >= net46
      System.Runtime (>= 4.3) - restriction: || (&& (>= net45) (>= dnxcore50)) (&& (>= net45) (>= netcore1.1)) (>= net462)
    System.Runtime.InteropServices.RuntimeInformation (4.3) - restriction: || (&& (>= net45) (>= netcore1.1)) (&& (< net45) (>= net46) (>= netstandard1.4) (< netstandard1.5)) (&& (< net45) (>= net46) (>= netstandard1.5)) (&& (>= net451) (< netstandard1.3) (>= netcore1.1)) (&& (>= net46) (>= uap100)) (&& (>= net46) (< netstandard1.0)) (&& (>= net46) (< netstandard1.3)) (&& (>= net46) (< netstandard1.4)) (&& (>= net46) (>= netstandard1.6)) (&& (>= net46) (< portable-net451+win81+wpa81))
    System.Runtime.Numerics (4.3) - restriction: >= net46
    System.Security.AccessControl (4.4) - restriction: || (&& (>= net45) (< netstandard1.3) (>= netcore1.1) (>= monoandroid)) (&& (>= net45) (>= netstandard2.0) (>= netcore1.1)) (&& (>= net45) (>= netcore1.1) (>= monotouch)) (&& (>= net45) (>= netcore1.1) (>= xamarintvos)) (&& (>= net45) (>= netcore1.1) (>= xamarinwatchos)) (&& (>= net45) (>= netcore1.1) (>= xamarinios)) (&& (>= net45) (>= netcore1.1) (>= xamarinmac)) (&& (>= net46) (< netstandard1.3) (>= monoandroid)) (&& (>= net46) (>= netstandard2.0)) (&& (>= net46) (>= monotouch)) (&& (>= net46) (>= xamarintvos)) (&& (>= net46) (>= xamarinwatchos)) (&& (>= net46) (>= xamarinios)) (&& (>= net46) (>= xamarinmac)) (>= net461)
      System.Security.Principal.Windows (>= 4.4) - restriction: || (&& (>= net45) (>= netstandard1.3)) (&& (>= net45) (>= monoandroid))
    System.Security.Cryptography.Algorithms (4.3) - restriction: || (&& (>= net45) (>= netcore1.1)) (>= net46)
      System.IO (>= 4.3) - restriction: || (&& (>= net45) (< net46) (>= netstandard1.3) (< netstandard1.4)) (&& (>= net45) (< net46) (>= netstandard1.4)) (&& (>= net45) (>= dnxcore50)) (&& (>= net45) (>= netstandard1.6)) (>= net463)
      System.Runtime (>= 4.3) - restriction: || (&& (>= net45) (< net46) (>= netstandard1.3) (< netstandard1.4)) (&& (>= net45) (< net46) (>= netstandard1.4)) (&& (>= net45) (>= dnxcore50)) (&& (>= net45) (>= netstandard1.6)) (>= net463)
      System.Security.Cryptography.Encoding (>= 4.3) - restriction: || (&& (>= net45) (>= dnxcore50)) (&& (>= net45) (>= netstandard1.6)) (>= net463)
      System.Security.Cryptography.Primitives (>= 4.3) - restriction: || (&& (>= net45) (< net46) (>= netstandard1.3) (< netstandard1.4)) (&& (>= net45) (< net46) (>= netstandard1.4)) (&& (>= net45) (>= dnxcore50)) (&& (>= net45) (>= netstandard1.6)) (&& (>= net46) (< netstandard1.4)) (>= net461)
    System.Security.Cryptography.Encoding (4.3) - restriction: || (&& (>= net45) (>= netcore1.1)) (>= net46)
    System.Security.Cryptography.Primitives (4.3) - restriction: || (&& (>= net45) (>= netcore1.1)) (&& (< net45) (>= net46) (>= netstandard1.4) (< netstandard1.5)) (&& (< net45) (>= net46) (>= netstandard1.5)) (&& (>= net46) (>= uap100)) (&& (>= net46) (>= dnxcore50)) (&& (>= net46) (< netstandard1.4)) (&& (>= net46) (>= netstandard1.6)) (>= net461)
    System.Security.Cryptography.X509Certificates (4.3) - restriction: || (&& (>= net45) (>= netcore1.1)) (>= net46)
      System.Security.Cryptography.Algorithms (>= 4.3) - restriction: || (&& (>= net45) (< net46) (>= netstandard1.3) (< netstandard1.4)) (&& (>= net45) (< net46) (>= netstandard1.4)) (&& (>= net45) (>= dnxcore50)) (&& (>= net45) (>= netstandard1.6)) (&& (>= net46) (< netstandard1.4)) (>= net461)
      System.Security.Cryptography.Encoding (>= 4.3) - restriction: || (&& (>= net45) (< net46) (>= netstandard1.3) (< netstandard1.4)) (&& (>= net45) (< net46) (>= netstandard1.4)) (&& (>= net45) (>= dnxcore50)) (&& (>= net45) (>= netstandard1.6)) (&& (>= net46) (< netstandard1.4)) (>= net461)
    System.Security.Principal.Windows (4.4) - restriction: || (&& (>= net45) (< netstandard1.3) (>= netcore1.1) (>= monoandroid)) (&& (>= net45) (>= netstandard2.0) (>= netcore1.1)) (&& (>= net45) (>= netcore1.1) (>= monotouch)) (&& (>= net45) (>= netcore1.1) (>= xamarintvos)) (&& (>= net45) (>= netcore1.1) (>= xamarinwatchos)) (&& (>= net45) (>= netcore1.1) (>= xamarinios)) (&& (>= net45) (>= netcore1.1) (>= xamarinmac)) (&& (>= net46) (< netstandard1.3) (>= monoandroid)) (&& (>= net46) (>= netstandard2.0)) (&& (>= net46) (>= monotouch)) (&& (>= net46) (>= xamarintvos)) (&& (>= net46) (>= xamarinwatchos)) (&& (>= net46) (>= xamarinios)) (&& (>= net46) (>= xamarinmac)) (>= net461)
    System.Text.Encoding (4.3) - restriction: >= net46
    System.Text.Encoding.CodePages (4.4) - restriction: >= net46
    System.Text.Encoding.Extensions (4.3) - restriction: >= net46
    System.Threading (4.3) - restriction: >= net46
    System.Threading.Tasks (4.3) - restriction: >= net46
    System.Threading.Tasks.Extensions (4.4) - restriction: >= net46
      System.Collections (>= 4.3)
      System.Runtime (>= 4.3)
      System.Threading.Tasks (>= 4.3)
    System.Threading.Tasks.Parallel (4.3) - restriction: >= net46
    System.Threading.Thread (4.3) - restriction: >= net46
    System.ValueTuple (4.4) - restriction: || (&& (>= net45) (>= netcore1.1)) (>= net46)
      NETStandard.Library (>= 1.6.1) - restriction: && (>= net45) (< net461)
    System.Xml.ReaderWriter (4.3) - restriction: || (&& (>= net45) (>= netcore1.1)) (>= net46)
    System.Xml.XDocument (4.3) - restriction: >= net46
    System.Xml.XmlDocument (4.3) - restriction: >= net46
    System.Xml.XPath (4.3) - restriction: >= net46
    System.Xml.XPath.XDocument (4.3) - restriction: >= net46
      System.Xml.XPath (>= 4.3) - restriction: || (&& (>= net45) (>= netstandard1.3)) (>= net46)
